GEM
  remote: https://rubygems.org/
  specs:
    coderay (1.1.2)
    dotenv (2.7.5)
    i2c-devices (0.0.6)
    influxdb-client (1.1.0.pre.203)
    method_source (0.9.2)
    pry (0.12.2)
      coderay (~> 1.1.0)
      method_source (~> 0.9.0)
    serialport (1.3.1)

PLATFORMS
  ruby

DEPENDENCIES
  dotenv
  i2c-devices
  influxdb-client
  pry
  serialport

BUNDLED WITH
   2.1.4
