GEM
  remote: https://rubygems.org/
  specs:
    descriptive_statistics (2.5.1)
    dotenv (2.7.5)
    i2c-devices (0.0.6)
    influxdb-client (1.1.0.pre.203)
    serialport (1.3.1)

PLATFORMS
  ruby

DEPENDENCIES
  descriptive_statistics
  dotenv
  i2c-devices
  influxdb-client
  serialport

BUNDLED WITH
   2.1.4
